GEM
  remote: http://rubygems.org/
  specs:
    daemons (1.1.4)
    eventmachine (0.12.10)
    excon (0.13.2)
    ey_config (0.0.1)
    librato-metrics (0.4.3)
      excon (~> 0.13.0)
      multi_json
    mime-types (1.17.2)
    multi_json (1.2.0)
    rack (1.3.5)
    rest-client (1.6.7)
      mime-types (>= 1.16)
    sinatra (1.2.6)
      rack (~> 1.1)
      tilt (>= 1.2.2, < 2.0)
    thin (1.2.7)
      daemons (>= 1.0.9)
      eventmachine (>= 0.12.6)
      rack (>= 1.0.0)
    tilt (1.3.3)
    yajl-ruby (1.1.0)

PLATFORMS
  ruby

DEPENDENCIES
  ey_config
  librato-metrics
  rest-client
  sinatra (= 1.2.6)
  thin (= 1.2.7)
  yajl-ruby
